GEM
  remote: http://rubygems.org/
  specs:
    archive-tar-minitar (0.5.2)
    columnize (0.3.6)
    couchrest (1.1.2)
      mime-types (~> 1.15)
      multi_json (~> 1.0.0)
      rest-client (~> 1.6.1)
    kgio (2.7.2)
    linecache19 (0.5.12)
      ruby_core_source (>= 0.1.4)
    mime-types (1.17.2)
    multi_json (1.0.4)
    rack (1.4.1)
    rack-protection (1.2.0)
      rack
    raindrops (0.8.0)
    rake (0.9.2.2)
    rest-client (1.6.7)
      mime-types (>= 1.16)
    ruby-debug-base19 (0.11.25)
      columnize (>= 0.3.1)
      linecache19 (>= 0.5.11)
      ruby_core_source (>= 0.1.4)
    ruby-debug19 (0.11.6)
      columnize (>= 0.3.1)
      linecache19 (>= 0.5.11)
      ruby-debug-base19 (>= 0.11.19)
    ruby_core_source (0.1.5)
      archive-tar-minitar (>= 0.5.2)
    sinatra (1.3.2)
      rack (~> 1.3, >= 1.3.6)
      rack-protection (~> 1.2)
      tilt (~> 1.3, >= 1.3.3)
    tilt (1.3.3)
    unicorn (4.2.0)
      kgio (~> 2.6)
      rack
      raindrops (~> 0.7)

PLATFORMS
  ruby

DEPENDENCIES
  couchrest
  rake
  rest-client
  ruby-debug19
  sinatra
  unicorn
